GEM
  remote: https://rubygems.org/
  specs:
    rexml (3.2.4)
    timeout (0.0.1)
      timeout-extensions
    timeout-extensions (0.1.1)

PLATFORMS
  x64-mingw32

DEPENDENCIES
  rexml
  timeout

BUNDLED WITH
   1.17.2
